GEM
  remote: https://rubygems.org/
  specs:
    diff-lcs (1.2.5)
    rspec (1.3.2)

PLATFORMS
  ruby

DEPENDENCIES
  diff-lcs
  rspec (= 1.3.2)
